GEM
  remote: https://rubygems.org/
  specs:
    byebug (11.1.3)
    httparty (0.20.0)
      mime-types (~> 3.0)
      multi_xml (>= 0.5.2)
    mime-types (3.4.1)
      mime-types-data (~> 3.2015)
    mime-types-data (3.2022.0105)
    multi_xml (0.6.0)
    nokogiri (1.13.4-arm64-darwin)
      racc (~> 1.4)
    racc (1.6.0)

PLATFORMS
  arm64-darwin-20

DEPENDENCIES
  byebug (~> 11.1)
  httparty (~> 0.20.0)
  nokogiri (~> 1.13)

BUNDLED WITH
   2.3.9
